GEM
  remote: https://rubygems.org/
  specs:
    blankslate (2.1.2.4)
    breakpoint (2.0.7)
      compass (>= 0.12.1)
      sass (>= 3.2.0)
    chunky_png (1.3.0)
    colorize (0.6.0)
    compass (0.12.2)
      chunky_png (~> 1.2)
      fssm (>= 0.2.7)
      sass (~> 3.1)
    csscss (1.3.2)
      colorize
      parslet (~> 1.5)
    fssm (0.2.10)
    ghi (0.9.2)
    parslet (1.5.0)
      blankslate (~> 2.0)
    sass (3.2.14)
    sass-globbing (1.1.0)
      sass (>= 3.1)
    watson (0.0.2)
      yajl-ruby
    yajl-ruby (1.2.0)

PLATFORMS
  ruby

DEPENDENCIES
  breakpoint
  compass
  csscss
  ghi
  sass-globbing
  watson
